GEM
  remote: https://rubygems.org/
  specs:
    kgio (2.11.2)
    rack (1.6.4)
    rack-protection (1.5.3)
      rack
    raindrops (0.19.0)
    sass (3.4.22)
    sinatra (1.4.7)
      rack (~> 1.5)
      rack-protection (~> 1.4)
      tilt (>= 1.3, < 3)
    slim (3.0.7)
      temple (~> 0.7.6)
      tilt (>= 1.3.3, < 2.1)
    temple (0.7.7)
    tilt (2.0.5)
    unicorn (5.4.0)
      kgio (~> 2.6)
      raindrops (~> 0.7)

PLATFORMS
  ruby
  x86-mingw32

DEPENDENCIES
  sass
  sinatra
  slim
  unicorn

BUNDLED WITH
   1.16.1
